GEM
  remote: https://rubygems.org/
  specs:
    minitest (5.10.1)
    rake (10.4.2)

PLATFORMS
  ruby

DEPENDENCIES
  minitest (= 5.10.1)
  rake

BUNDLED WITH
   1.12.5
