GEM
  remote: https://rubygems.org/
  specs:
    builder (3.2.2)
    ci_reporter (2.0.0)
      builder (>= 2.1.2)
    ci_reporter_test_unit (1.0.0)
      ci_reporter (~> 2.0)
      test-unit (~> 2.5.5)
    rake (10.4.2)
    test-unit (2.5.5)

PLATFORMS
  ruby

DEPENDENCIES
  ci_reporter_test_unit
  rake
